GIT
  remote: git://github.com/clearsightstudio/ProMotion.git
  revision: 76606d3b1547f7d85a84faa346ee07c19f72c121
  branch: version-0.7
  specs:
    ProMotion (0.6.2)

GEM
  remote: https://rubygems.org/
  specs:
    bubble-wrap (1.3.0)
    teacup (2.0.2)

PLATFORMS
  ruby

DEPENDENCIES
  ProMotion!
  bubble-wrap
  teacup
